GEM
  remote: https://rubygems.org/
  specs:
    ansi (1.5.0)
    ast (2.3.0)
    concurrent-ruby (1.0.2)
    connection_pool (2.2.0)
    diff-lcs (1.2.5)
    ethon (0.9.0)
      ffi (>= 1.3.0)
    ffi (1.9.10)
    oga (2.2)
      ast
      ruby-ll (~> 2.1)
    rack (1.6.4)
    rack-protection (1.5.3)
      rack
    redis (3.3.0)
    rspec (3.5.0)
      rspec-core (~> 3.5.0)
      rspec-expectations (~> 3.5.0)
      rspec-mocks (~> 3.5.0)
    rspec-core (3.5.1)
      rspec-support (~> 3.5.0)
    rspec-expectations (3.5.0)
      diff-lcs (>= 1.2.0, < 2.0)
      rspec-support (~> 3.5.0)
    rspec-mocks (3.5.0)
      diff-lcs (>= 1.2.0, < 2.0)
      rspec-support (~> 3.5.0)
    rspec-support (3.5.0)
    ruby-ll (2.1.2)
      ansi
      ast
    sidekiq (4.1.2)
      concurrent-ruby (~> 1.0)
      connection_pool (~> 2.2, >= 2.2.0)
      redis (~> 3.2, >= 3.2.1)
    sinatra (1.4.7)
      rack (~> 1.5)
      rack-protection (~> 1.4)
      tilt (>= 1.3, < 3)
    tilt (2.0.5)
    typhoeus (1.0.2)
      ethon (>= 0.9.0)

PLATFORMS
  ruby

DEPENDENCIES
  oga
  rspec
  sidekiq
  sinatra
  typhoeus

BUNDLED WITH
   1.12.5
